GEM
  remote: https://rubygems.org/
  specs:
    RedCloth (4.2.9)
    activesupport (4.2.6)
      i18n (~> 0.7)
      json (~> 1.7, >= 1.7.7)
      minitest (~> 5.1)
      thread_safe (~> 0.3, >= 0.3.4)
      tzinfo (~> 1.1)
    chunky_png (1.3.5)
    classifier (1.3.4)
      fast-stemmer (>= 1.0.0)
    compass (0.12.7)
      chunky_png (~> 1.2)
      fssm (>= 0.2.7)
      sass (~> 3.2.19)
    directory_watcher (1.5.1)
    domain_name (0.5.20160310)
      unf (>= 0.0.5, < 1.0.0)
    fast-stemmer (1.0.2)
    fssm (0.2.10)
    haml (3.1.8)
    http-cookie (1.0.2)
      domain_name (~> 0.5)
    i18n (0.7.0)
    jekyll (0.12.1)
      classifier (~> 1.3)
      directory_watcher (~> 1.1)
      kramdown (~> 0.14)
      liquid (~> 2.3)
      maruku (~> 0.5)
      pygments.rb (~> 0.3.2)
    json (1.8.3)
    kgio (2.10.0)
    kramdown (0.14.2)
    liquid (2.3.0)
    maruku (0.7.2)
    mime-types (2.99.1)
    minitest (5.8.4)
    netrc (0.11.0)
    posix-spawn (0.3.8)
    pygments.rb (0.3.7)
      posix-spawn (~> 0.3.6)
      yajl-ruby (~> 1.1.0)
    rack (1.6.4)
    rack-protection (1.5.3)
      rack
    raindrops (0.16.0)
    rake (11.1.1)
    rb-fsevent (0.9.7)
    rdiscount (2.0.7.3)
    rest-client (1.8.0)
      http-cookie (>= 1.0.2, < 2.0)
      mime-types (>= 1.16, < 3.0)
      netrc (~> 0.7)
    rubypants (0.2.0)
    sass (3.2.19)
    sass-globbing (1.0.0)
      sass (>= 3.1)
    sinatra (1.4.7)
      rack (~> 1.5)
      rack-protection (~> 1.4)
      tilt (>= 1.3, < 3)
    stringex (1.4.0)
    thread_safe (0.3.5)
    tilt (2.0.2)
    tzinfo (1.2.2)
      thread_safe (~> 0.1)
    unf (0.1.4)
      unf_ext
    unf_ext (0.0.7.2)
    unicorn (5.0.1)
      kgio (~> 2.6)
      rack
      raindrops (~> 0.7)
    yajl-ruby (1.1.0)

PLATFORMS
  ruby

DEPENDENCIES
  RedCloth (~> 4.2.9)
  activesupport
  compass (~> 0.12.2)
  haml (~> 3.1.7)
  jekyll (~> 0.12)
  json
  liquid (~> 2.3.0)
  posix-spawn (= 0.3.8)
  pygments.rb (~> 0.3.4)
  rake
  rb-fsevent (~> 0.9)
  rdiscount (~> 2.0.7)
  rest-client
  rubypants (~> 0.2.0)
  sass (~> 3.2)
  sass-globbing (~> 1.0.0)
  sinatra (~> 1.4.2)
  stringex (~> 1.4.0)
  unicorn

BUNDLED WITH
   1.11.2
